PATH
  remote: .
  specs:
    smartgen (0.0.1)
      RedCloth (>= 4.2.3)
      activesupport (>= 2.3.5)
      bluecloth (>= 2.0.9)
      i18n (>= 0.5.0)
      thor (>= 0.14.6)

GEM
  remote: http://rubygems.org/
  specs:
    RedCloth (4.2.3)
    activesupport (2.3.5)
    archive-tar-minitar (0.5.2)
    bluecloth (2.0.9)
    columnize (0.3.2)
    diff-lcs (1.1.2)
    i18n (0.5.0)
    linecache (0.43)
    linecache19 (0.5.11)
      ruby_core_source (>= 0.1.4)
    rspec (2.3.0)
      rspec-core (~> 2.3.0)
      rspec-expectations (~> 2.3.0)
      rspec-mocks (~> 2.3.0)
    rspec-core (2.3.1)
    rspec-expectations (2.3.0)
      diff-lcs (~> 1.1.2)
    rspec-mocks (2.3.0)
    ruby-debug (0.10.4)
      columnize (>= 0.1)
      ruby-debug-base (~> 0.10.4.0)
    ruby-debug-base (0.10.4)
      linecache (>= 0.3)
    ruby-debug-base19 (0.11.24)
      columnize (>= 0.3.1)
      linecache19 (>= 0.5.11)
      ruby_core_source (>= 0.1.4)
    ruby-debug19 (0.11.6)
      columnize (>= 0.3.1)
      linecache19 (>= 0.5.11)
      ruby-debug-base19 (>= 0.11.19)
    ruby_core_source (0.1.4)
      archive-tar-minitar (>= 0.5.2)
    thor (0.14.6)

PLATFORMS
  ruby

DEPENDENCIES
  RedCloth (>= 4.2.3)
  activesupport (>= 2.3.5)
  bluecloth (>= 2.0.9)
  i18n (>= 0.5.0)
  rspec (>= 2.3.0)
  ruby-debug
  ruby-debug19
  smartgen!
  thor (>= 0.14.6)
