PATH
  remote: .
  specs:
    smartgen (0.6.0.beta2)
      RedCloth (>= 4.2.7)
      activesupport (>= 3.0.0)
      bluecloth (>= 2.0.9)
      directory_watcher (>= 1.3.2)
      i18n (>= 0.5.0)
      nokogiri (>= 1.4.4)
      thor (>= 0.14.6)

GEM
  remote: http://rubygems.org/
  specs:
    RedCloth (4.2.9)
    activesupport (3.2.1)
      i18n (~> 0.6)
      multi_json (~> 1.0)
    archive-tar-minitar (0.5.2)
    bluecloth (2.2.0)
    columnize (0.3.2)
    diff-lcs (1.1.3)
    directory_watcher (1.4.1)
    i18n (0.6.0)
    linecache (0.43)
    linecache19 (0.5.11)
      ruby_core_source (>= 0.1.4)
    multi_json (1.0.4)
    nokogiri (1.5.0)
    rake (0.8.7)
    rspec (2.8.0)
      rspec-core (~> 2.8.0)
      rspec-expectations (~> 2.8.0)
      rspec-mocks (~> 2.8.0)
    rspec-core (2.8.0)
    rspec-expectations (2.8.0)
      diff-lcs (~> 1.1.2)
    rspec-mocks (2.8.0)
    ruby-debug (0.10.4)
      columnize (>= 0.1)
      ruby-debug-base (~> 0.10.4.0)
    ruby-debug-base (0.10.4)
      linecache (>= 0.3)
    ruby-debug-base19 (0.11.24)
      columnize (>= 0.3.1)
      linecache19 (>= 0.5.11)
      ruby_core_source (>= 0.1.4)
    ruby-debug19 (0.11.6)
      columnize (>= 0.3.1)
      linecache19 (>= 0.5.11)
      ruby-debug-base19 (>= 0.11.19)
    ruby_core_source (0.1.4)
      archive-tar-minitar (>= 0.5.2)
    thor (0.14.6)

PLATFORMS
  ruby

DEPENDENCIES
  rake (= 0.8.7)
  rspec (>= 2.3.0)
  ruby-debug
  ruby-debug19
  smartgen!
