PATH
  remote: .
  specs:
    smartgen (0.6.0)
      RedCloth (>= 4.2.7)
      activesupport (>= 3.0.0)
      bluecloth (>= 2.0.9)
      directory_watcher (>= 1.3.2)
      i18n (>= 0.5.0)
      nokogiri (>= 1.4.4)
      thor (>= 0.14.6)

GEM
  remote: http://rubygems.org/
  specs:
    RedCloth (4.2.9)
    activesupport (4.0.4)
      i18n (~> 0.6, >= 0.6.9)
      minitest (~> 4.2)
      multi_json (~> 1.3)
      thread_safe (~> 0.1)
      tzinfo (~> 0.3.37)
    bluecloth (2.2.0)
    columnize (0.3.6)
    debugger (1.6.6)
      columnize (>= 0.3.1)
      debugger-linecache (~> 1.2.0)
      debugger-ruby_core_source (~> 1.3.2)
    debugger-linecache (1.2.0)
    debugger-ruby_core_source (1.3.2)
    diff-lcs (1.1.3)
    directory_watcher (1.5.1)
    i18n (0.6.9)
    mini_portile (0.5.3)
    minitest (4.7.5)
    multi_json (1.9.2)
    nokogiri (1.6.1)
      mini_portile (~> 0.5.0)
    rake (0.8.7)
    rspec (2.8.0)
      rspec-core (~> 2.8.0)
      rspec-expectations (~> 2.8.0)
      rspec-mocks (~> 2.8.0)
    rspec-core (2.8.0)
    rspec-expectations (2.8.0)
      diff-lcs (~> 1.1.2)
    rspec-mocks (2.8.0)
    thor (0.19.1)
    thread_safe (0.3.3)
    tzinfo (0.3.39)

PLATFORMS
  ruby

DEPENDENCIES
  debugger
  rake (= 0.8.7)
  rspec (>= 2.3.0)
  smartgen!
